PATH
  remote: .
  specs:
    clever-api (0.0.1)
      rest-client

GEM
  specs:
    mime-types (1.25.1)
    netrc (0.7.7)
    rest-client (1.7.2)
      mime-types (>= 1.16, < 3.0)
      netrc (~> 0.7)

PLATFORMS
  ruby

DEPENDENCIES
  clever-api!

BUNDLED WITH
   1.10.4
